GEM
  remote: https://rubygems.org/
  specs:
    rake (12.3.0)
    ruby-progressbar (1.9.0)

PLATFORMS
  ruby

DEPENDENCIES
  rake
  ruby-progressbar

BUNDLED WITH
   1.16.0
